GIT
  remote: git://github.com/resque/resque.git
  revision: 592da7d0f2d269d1fa5985055f70b3defe2a9179
  specs:
    resque (2.0.0.pre.1)
      json
      mono_logger (~> 1.0)
      redis-namespace (>= 1.3.0)
      thor (~> 0.17)

GIT
  remote: https://github.com/minimagick/minimagick
  revision: f568ba9e1c35ac2a071fa9207ccd1df2543e4d56
  specs:
    mini_magick (3.7.0)
      subexec (~> 0.2.1)

GEM
  remote: http://rubygems.org/
  specs:
    activemodel (3.2.18)
      activesupport (= 3.2.18)
      builder (~> 3.0.0)
    activesupport (3.2.18)
      i18n (~> 0.6, >= 0.6.4)
      multi_json (~> 1.0)
    backports (3.6.0)
    bson (1.10.0)
    bson_ext (1.10.0)
      bson (~> 1.10.0)
    builder (3.0.4)
    i18n (0.6.9)
    json (1.8.1)
    kgio (2.8.1)
    macaddr (1.7.1)
      systemu (~> 2.6.2)
    mime-types (1.24)
    mongoid (3.1.6)
      activemodel (~> 3.2)
      moped (~> 1.4)
      origin (~> 1.0)
      tzinfo (~> 0.3.29)
    mono_logger (1.1.0)
    moped (1.5.2)
    multi_json (1.10.0)
    origin (1.1.0)
    rack (1.5.2)
    rack-flash (0.1.2)
      rack
    rack-protection (1.5.3)
      rack
    rack-test (0.6.2)
      rack (>= 1.0)
    raindrops (0.12.0)
    rake (10.1.0)
    redis (3.0.7)
    redis-namespace (1.4.1)
      redis (~> 3.0.4)
    rest-client (1.6.7)
      mime-types (>= 1.16)
    sinatra (1.4.5)
      rack (~> 1.4)
      rack-protection (~> 1.4)
      tilt (~> 1.3, >= 1.3.4)
    sinatra-config-file (1.0)
      sinatra-contrib
    sinatra-contrib (1.4.2)
      backports (>= 2.0)
      multi_json
      rack-protection
      rack-test
      sinatra (~> 1.4.0)
      tilt (~> 1.3)
    subexec (0.2.3)
    systemu (2.6.4)
    thor (0.19.1)
    tilt (1.4.1)
    tzinfo (0.3.29)
    unicorn (4.6.3)
      kgio (~> 2.6)
      rack
      raindrops (~> 0.7)

PLATFORMS
  ruby

DEPENDENCIES
  bson_ext
  macaddr
  mini_magick!
  mongoid
  rack
  rack-flash
  rake
  resque (~> 2.0.0.pre.1)!
  rest-client
  sinatra
  sinatra-config-file (~> 1.0)
  unicorn
